GEM
  remote: https://rubygems.org/
  specs:
    concurrent-ruby (1.3.4)
    logger (1.6.1)
    mime-types (3.6.0)
      logger
      mime-types-data (~> 3.2015)
    mime-types-data (3.2024.1001)
    playwright-ruby-client (1.48.0)
      concurrent-ruby (>= 1.1.6)
      mime-types (>= 3.0)

PLATFORMS
  ruby
  x86_64-linux

DEPENDENCIES
  playwright-ruby-client

BUNDLED WITH
   2.5.16
